{
	"Modality": "MR",
	"MagneticFieldStrength": 3,
	"ImagingFrequency": 123.244935,
	"Manufacturer": "Siemens",
	"ManufacturersModelName": "TrioTim",
	"InstitutionName": "JHU MR01 Trio",
	"DeviceSerialNumber": "4xi1crLtyp9U",
	"PatientPosition": "HFS",
	"SoftwareVersions": "syngo MR B17",
	"MRAcquisitionType": "2D",
	"SeriesDescription": "DTI_pulse gated_AC/PC line",
	"ProtocolName": "DTI_pulse gated_AC/PC line",
	"ScanningSequence": "EP",
	"SequenceVariant": "SK\\SP",
	"ScanOptions": "PFP\\FS\\CT",
	"SequenceName": "*ep_b0",
	"ImageType": ["ORIGINAL", "PRIMARY", "DIFFUSION", "NONE", "ND", "NORM", "MOSAIC"],
	"NonlinearGradientCorrection": false,
	"SeriesNumber": 2,
	"AcquisitionTime": "12:27:25.142500",
	"AcquisitionNumber": 1,
	"SliceThickness": 2,
	"SpacingBetweenSlices": 2,
	"SAR": 0.502485,
	"EchoTime": 0.088,
	"RepetitionTime": 0.5,
	"SpoilingState": true,
	"FlipAngle": 90,
	"PartialFourier": 0.75,
	"BaseResolution": 116,
	"ShimSetting": [
		15697,
		-13390,
		-977,
		245,
		53,
		-134,
		-94,
		-44	],
	"DiffusionScheme": "Monopolar",
	"TxRefAmp": 451.906,
	"PhaseResolution": 1,
	"ReceiveCoilName": "HeadMatrix",
	"PulseSequenceDetails": "%SiemensSeq%\\ep2d_diff",
	"RefLinesPE": 32,
	"CoilCombinationMethod": "Adaptive Combine",
	"MatrixCoilMode": "GRAPPA",
	"PercentPhaseFOV": 100,
	"PercentSampling": 100,
	"PhaseEncodingSteps": 90,
	"AcquisitionMatrixPE": 116,
	"ReconMatrixPE": 116,
	"BandwidthPerPixelPhaseEncode": 24.284,
	"ParallelReductionFactorInPlane": 2,
	"EffectiveEchoSpacing": 0.000354995,
	"DerivedVendorReportedEchoSpacing": 0.000709989,
	"TotalReadoutTime": 0.0408244,
	"PixelBandwidth": 1596,
	"DwellTime": 2.7e-06,
	"PhaseEncodingDirection": "j-",
	"SliceTiming": [
		0,
		0.6,
		1.1975,
		1.79,
		2.385,
		2.9825,
		3.575,
		4.17,
		4.7675,
		5.365,
		5.97,
		6.5725,
		7.1775,
		7.76,
		8.3625,
		8.9775,
		9.585,
		10.1975,
		0.125,
		0.725,
		1.3225,
		1.9175,
		2.51,
		3.1075,
		3.7025,
		4.295,
		4.8925,
		5.4925,
		6.095,
		6.6975,
		7.3025,
		7.885,
		8.4875,
		9.1025,
		9.71,
		10.325,
		0.2525,
		0.85,
		1.4475,
		2.0425,
		2.635,
		3.2325,
		3.8275,
		4.42,
		5.0175,
		5.6175,
		6.22,
		6.825,
		7.4275,
		8.01,
		8.615,
		9.2275,
		9.835,
		10.45,
		0.3775,
		0.975,
		1.575,
		2.1675,
		2.76,
		3.36,
		3.9525,
		4.545,
		5.145,
		5.7425,
		6.345,
		6.95,
		7.5525,
		8.135,
		8.74,
		9.3525,
		9.9625,
		10.575	],
	"ImageOrientationPatientDICOM": [
		0.999085,
		0.0231764,
		-0.0359468,
		-0.0296522,
		0.981019,
		-0.191631	],
	"InPlanePhaseEncodingDirectionDICOM": "COL",
	"ConversionSoftware": "dcm2niix",
	"ConversionSoftwareVersion": "v1.0.20230411"
}
